GEM
  remote: http://rubygems.org/
  specs:
    aws-sdk (2.2.7)
      aws-sdk-resources (= 2.2.7)
    aws-sdk-core (2.2.7)
      jmespath (~> 1.0)
    aws-sdk-resources (2.2.7)
      aws-sdk-core (= 2.2.7)
    config_env (0.1.0)
    jmespath (1.1.3)
    yaml (4.2.2)

PLATFORMS
  ruby

DEPENDENCIES
  aws-sdk (~> 2)
  config_env
  yaml

BUNDLED WITH
   1.10.6
